GEM
  remote: http://rubygems.org/
  specs:
    RedCloth (4.2.9)
    albino (1.3.3)
      posix-spawn (>= 0.3.6)
    classifier (1.3.3)
      fast-stemmer (>= 1.0.0)
    directory_watcher (1.4.1)
    fast-stemmer (1.0.1)
    jekyll (0.11.2)
      albino (~> 1.3)
      classifier (~> 1.3)
      directory_watcher (~> 1.1)
      kramdown (~> 0.13)
      liquid (~> 2.3)
      maruku (~> 0.5)
    jekyll-epub (0.0.3)
      jekyll
      mime-types
      uuid
    kramdown (0.13.7)
    liquid (2.3.0)
    macaddr (1.6.1)
      systemu (~> 2.5.0)
    maruku (0.6.0)
      syntax (>= 1.0.0)
    mime-types (1.19)
    posix-spawn (0.3.6)
    syntax (1.0.0)
    systemu (2.5.2)
    uuid (2.3.5)
      macaddr (~> 1.0)

PLATFORMS
  ruby

DEPENDENCIES
  RedCloth
  jekyll-epub (~> 0.0.3)
